GEM
  remote: https://rubygems.org/
  specs:
    activesupport (4.1.4)
      i18n (~> 0.6, >= 0.6.9)
      json (~> 1.7, >= 1.7.7)
      minitest (~> 5.1)
      thread_safe (~> 0.1)
      tzinfo (~> 1.1)
    atomic (1.1.14)
    bson (2.3.0)
    chronic (0.10.2)
    coderay (1.1.0)
    coffee-script (2.3.0)
      coffee-script-source
      execjs
    coffee-script-source (1.7.1)
    connection_pool (2.0.0)
    execjs (2.2.1)
    haml (4.0.5)
      tilt
    i18n (0.6.9)
    json (1.8.1)
    method_source (0.8.2)
    mini_portile (0.6.0)
    minitest (5.4.0)
    moped (2.0.0)
      bson (~> 2.2)
      connection_pool (~> 2.0)
      optionable (~> 0.2.0)
    nokogiri (1.6.3)
      mini_portile (= 0.6.0)
    optionable (0.2.0)
    pry (0.10.0)
      coderay (~> 1.1.0)
      method_source (~> 0.8.1)
      slop (~> 3.4)
    rack (1.5.2)
    rack-protection (1.5.3)
      rack
    rake (10.3.1)
    ruby-ole (1.2.11.7)
    rubyzip (1.1.6)
    sheets (1.2.0)
      nokogiri (~> 1.6.1)
      rubyzip (~> 1.1.0)
      spreadsheet (~> 0.9.7)
    sinatra (1.4.5)
      rack (~> 1.4)
      rack-protection (~> 1.4)
      tilt (~> 1.3, >= 1.3.4)
    slop (3.6.0)
    spreadsheet (0.9.7)
      ruby-ole (>= 1.0)
    thread_safe (0.1.3)
      atomic
    tilt (1.4.1)
    tzinfo (1.2.1)
      thread_safe (~> 0.1)
    whenever (0.9.2)
      activesupport (>= 2.3.4)
      chronic (>= 0.6.3)

PLATFORMS
  ruby

DEPENDENCIES
  coffee-script (~> 2.3.0)
  haml (~> 4.0.5)
  json (~> 1.8.1)
  moped (~> 2.0.0)
  pry (~> 0.10.0)
  rake
  sheets
  sinatra (~> 1.4.5)
  whenever (~> 0.9.2)
